GEM
  remote: http://rubygems.org/
  specs:
    adsf (1.0.1)
      rack (>= 1.0.0)
    cri (1.0.1)
    kramdown (0.13.2)
    nanoc (3.1.6)
      nanoc3 (>= 3.1.6)
    nanoc3 (3.1.6)
      cri (>= 1.0.0)
    nokogiri (1.4.4)
    rack (1.2.2)
    yajl-ruby (0.8.2)

PLATFORMS
  ruby

DEPENDENCIES
  adsf
  kramdown (~> 0.13.2)
  nanoc (~> 3.1.6)
  nokogiri (~> 1.4.4)
  yajl-ruby (~> 0.8.2)
